GEM
  specs:
    guard (1.4.0)
      listen (>= 0.4.2)
      thor (>= 0.14.6)
    listen (0.5.3)
    rake (0.9.2.2)
    rb-fsevent (0.9.2)
    sass (3.1.15)
    thor (0.16.0)

PLATFORMS
  ruby

DEPENDENCIES
  guard
  rake
  rb-fsevent
  sass
