GEM
  specs:
    rake (0.9.2.2)
    sass (3.1.15)

PLATFORMS
  ruby

DEPENDENCIES
  rake
  sass
